PATH
  remote: .
  specs:
    localbitcoins (0.0.2)
      activesupport (~> 3)
      hashie (~> 2.0.2)
      json (~> 1.8.0)
      oauth (~> 0.4)
      rest-client (~> 1.6)

GEM
  remote: https://rubygems.org/
  specs:
    activesupport (3.2.13)
      i18n (= 0.6.1)
      multi_json (~> 1.0)
    addressable (2.3.5)
    crack (0.4.0)
      safe_yaml (~> 0.9.0)
    diff-lcs (1.2.4)
    hashie (2.0.5)
    i18n (0.6.1)
    json (1.8.0)
    mime-types (1.23)
    multi_json (1.7.7)
    oauth (0.4.7)
    rest-client (1.6.7)
      mime-types (>= 1.16)
    rspec (2.14.1)
      rspec-core (~> 2.14.0)
      rspec-expectations (~> 2.14.0)
      rspec-mocks (~> 2.14.0)
    rspec-core (2.14.2)
    rspec-expectations (2.14.0)
      diff-lcs (>= 1.1.3, < 2.0)
    rspec-mocks (2.14.1)
    safe_yaml (0.9.4)
    webmock (1.13.0)
      addressable (>= 2.2.7)
      crack (>= 0.3.2)

PLATFORMS
  ruby

DEPENDENCIES
  localbitcoins!
  rspec (~> 2.13)
  webmock (~> 1.11)
